GIT
  remote: https://github.com/igrigorik/em-http-request.git
  revision: b9c6b4b03f0b4d78f0826314dc1f39f297debc1d
  specs:
    em-http-request (1.0.0.beta.3)
      addressable (>= 2.2.3)
      em-socksify
      eventmachine (>= 1.0.0.beta.3)
      http_parser.rb (>= 0.5.1)

GIT
  remote: https://github.com/igrigorik/em-synchrony.git
  revision: 60887014aa65bc8fb85bcd058c2b5bf938d72ad0
  specs:
    em-synchrony (0.3.0.beta.1)
      eventmachine (>= 1.0.0.beta.1)

GEM
  remote: http://rubygems.org/
  specs:
    addressable (2.2.5)
    diff-lcs (1.1.2)
    em-socksify (0.1.0)
      eventmachine
    eventmachine (1.0.0.beta.3)
    git (1.2.5)
    gorillib (0.0.5)
    http_parser.rb (0.5.1)
    jeweler (1.5.2)
      bundler (~> 1.0.0)
      git (>= 1.2.5)
      rake
    rack-abstract-format (0.9.9)
    rack-accept-media-types (0.9)
    rack-respond_to (0.9.8)
      rack-accept-media-types (>= 0.6)
    rake (0.8.7)
    rcov (0.9.9)
    rspec (2.5.0)
      rspec-core (~> 2.5.0)
      rspec-expectations (~> 2.5.0)
      rspec-mocks (~> 2.5.0)
    rspec-core (2.5.1)
    rspec-expectations (2.5.0)
      diff-lcs (~> 1.1.2)
    rspec-mocks (2.5.0)
    spork (0.9.0.rc5)
    yajl-ruby (0.8.2)
    yard (0.6.8)

PLATFORMS
  ruby

DEPENDENCIES
  bundler (~> 1.0.12)
  em-http-request!
  em-synchrony!
  gorillib (~> 0.0.5)
  jeweler (~> 1.5.2)
  rack-abstract-format
  rack-respond_to
  rcov
  rspec (~> 2.5.0)
  spork (~> 0.9.0.rc5)
  yajl-ruby (~> 0.8.2)
  yard (~> 0.6.7)
