GIT
  remote: https://github.com/eventmachine/eventmachine.git
  revision: 1107730c338892c8281a14b6b2e0802f8d715fb4
  specs:
    eventmachine (1.0.0.beta.4)

GIT
  remote: https://github.com/igrigorik/em-http-request.git
  revision: 1b4e646c65ad33b9a04e18f6bc0fa0c2e54e81f2
  specs:
    em-http-request (1.0.0.beta.4)
      addressable (>= 2.2.3)
      em-socksify
      eventmachine (>= 1.0.0.beta.3)
      http_parser.rb (>= 0.5.1)

GIT
  remote: https://github.com/igrigorik/em-synchrony.git
  revision: 81af523ebad26a6cff2eb2842a4a1691c0c49374
  specs:
    em-synchrony (0.3.0.beta.1)
      eventmachine (>= 1.0.0.beta.1)

GEM
  remote: http://rubygems.org/
  specs:
    addressable (2.2.6)
    diff-lcs (1.1.2)
    em-socksify (0.1.0)
      eventmachine
    git (1.2.5)
    gorillib (0.0.8)
    http_parser.rb (0.5.1)
    jeweler (1.5.2)
      bundler (~> 1.0.0)
      git (>= 1.2.5)
      rake
    rack-abstract-format (0.9.9)
    rack-accept-media-types (0.9)
    rack-respond_to (0.9.8)
      rack-accept-media-types (>= 0.6)
    rake (0.9.2)
    rcov (0.9.9)
    rspec (2.5.0)
      rspec-core (~> 2.5.0)
      rspec-expectations (~> 2.5.0)
      rspec-mocks (~> 2.5.0)
    rspec-core (2.5.2)
    rspec-expectations (2.5.0)
      diff-lcs (~> 1.1.2)
    rspec-mocks (2.5.0)
    spork (0.9.0.rc9)
    yajl-ruby (0.8.2)
    yard (0.6.8)

PLATFORMS
  ruby

DEPENDENCIES
  addressable (~> 2.2.5)
  bundler (~> 1.0.12)
  em-http-request!
  em-synchrony!
  eventmachine!
  gorillib (~> 0.0.5)
  jeweler (~> 1.5.2)
  rack-abstract-format (~> 0.9.9)
  rack-respond_to (~> 0.9.8)
  rcov
  rspec (~> 2.5.0)
  spork (~> 0.9.0.rc5)
  yajl-ruby (~> 0.8.2)
  yard (~> 0.6.7)
